PATH
  remote: .
  specs:
    integral-social_nets (0.1.17)

GEM
  remote: https://rubygems.org/
  specs:
    ast (2.4.0)
    axiom-types (0.1.1)
      descendants_tracker (~> 0.0.4)
      ice_nine (~> 0.11.0)
      thread_safe (~> 0.3, >= 0.3.1)
    bundler-audit (0.6.1)
      bundler (>= 1.2.0, < 3)
      thor (~> 0.18)
    byebug (11.1.1)
    codeclimate-engine-rb (0.4.1)
      virtus (~> 1.0)
    coderay (1.1.2)
    coercible (1.0.0)
      descendants_tracker (~> 0.0.1)
    descendants_tracker (0.0.4)
      thread_safe (~> 0.3, >= 0.3.1)
    diff-lcs (1.3)
    equalizer (0.0.11)
    equatable (0.6.1)
    ffi (1.12.2)
    formatador (0.2.5)
    gemsmith (13.8.0)
      milestoner (~> 9.3)
      pragmater (~> 6.3)
      refinements (~> 6.0)
      rubocop (~> 0.77)
      runcom (~> 5.0)
      thor (~> 0.20)
      tocer (~> 9.1)
      versionaire (~> 7.2)
    git-cop (3.5.3)
      pastel (~> 0.7)
      refinements (~> 6.0)
      runcom (~> 5.0)
      thor (~> 0.20)
    guard (2.16.1)
      formatador (>= 0.2.4)
      listen (>= 2.7, < 4.0)
      lumberjack (>= 1.0.12, < 2.0)
      nenv (~> 0.1)
      notiffany (~> 0.0)
      pry (>= 0.9.12)
      shellany (~> 0.0)
      thor (>= 0.18.1)
    guard-compat (1.2.1)
    guard-rspec (4.7.3)
      guard (~> 2.1)
      guard-compat (~> 1.1)
      rspec (>= 2.99.0, < 4.0)
    ice_nine (0.11.2)
    jaro_winkler (1.5.4)
    kwalify (0.7.2)
    listen (3.2.1)
      rb-fsevent (~> 0.10, >= 0.10.3)
      rb-inotify (~> 0.9, >= 0.9.10)
    lumberjack (1.2.4)
    method_source (0.9.2)
    milestoner (9.3.3)
      runcom (~> 5.0)
      thor (~> 0.20)
      versionaire (~> 7.2)
    nenv (0.3.0)
    notiffany (0.1.3)
      nenv (~> 0.1)
      shellany (~> 0.0)
    parallel (1.19.1)
    parser (2.7.0.4)
      ast (~> 2.4.0)
    pastel (0.7.3)
      equatable (~> 0.6)
      tty-color (~> 0.5)
    pragmater (6.3.3)
      runcom (~> 5.0)
      thor (~> 0.20)
    pry (0.12.2)
      coderay (~> 1.1.0)
      method_source (~> 0.9.0)
    pry-byebug (3.8.0)
      byebug (~> 11.0)
      pry (~> 0.10)
    psych (3.1.0)
    rainbow (3.0.0)
    rake (13.0.1)
    rb-fsevent (0.10.3)
    rb-inotify (0.10.1)
      ffi (~> 1.0)
    reek (5.6.0)
      codeclimate-engine-rb (~> 0.4.0)
      kwalify (~> 0.7.0)
      parser (>= 2.5.0.0, < 2.8, != 2.5.1.1)
      psych (~> 3.1.0)
      rainbow (>= 2.0, < 4.0)
    refinements (6.3.2)
    rexml (3.2.4)
    rspec (3.9.0)
      rspec-core (~> 3.9.0)
      rspec-expectations (~> 3.9.0)
      rspec-mocks (~> 3.9.0)
    rspec-core (3.9.1)
      rspec-support (~> 3.9.1)
    rspec-expectations (3.9.1)
      diff-lcs (>= 1.2.0, < 2.0)
      rspec-support (~> 3.9.0)
    rspec-mocks (3.9.1)
      diff-lcs (>= 1.2.0, < 2.0)
      rspec-support (~> 3.9.0)
    rspec-support (3.9.2)
    rubocop (0.80.1)
      jaro_winkler (~> 1.5.1)
      parallel (~> 1.10)
      parser (>= 2.7.0.1)
      rainbow (>= 2.2.2, < 4.0)
      rexml
      ruby-progressbar (~> 1.7)
      unicode-display_width (>= 1.4.0, < 1.7)
    rubocop-rspec (1.38.1)
      rubocop (>= 0.68.1)
    ruby-progressbar (1.10.1)
    runcom (5.1.1)
      refinements (~> 6.0)
      xdg (~> 3.1)
    shellany (0.0.1)
    thor (0.20.3)
    thread_safe (0.3.6)
    tocer (9.1.2)
      refinements (~> 6.0)
      runcom (~> 5.0)
      thor (~> 0.20)
    tty-color (0.5.1)
    unicode-display_width (1.6.1)
    versionaire (7.3.4)
    virtus (1.0.5)
      axiom-types (~> 0.1)
      coercible (~> 1.0)
      descendants_tracker (~> 0.0, >= 0.0.3)
      equalizer (~> 0.0, >= 0.0.9)
    xdg (3.1.1)

PLATFORMS
  ruby

DEPENDENCIES
  bundler (>= 2.0)
  bundler-audit
  gemsmith
  git-cop
  guard-rspec
  integral-social_nets!
  pry
  pry-byebug
  rake
  reek
  rspec
  rubocop
  rubocop-rspec

BUNDLED WITH
   2.1.4
